PATH
  remote: .
  specs:
    getapp_import (1.0.0)

GEM
  remote: https://rubygems.org/
  specs:
    minitest (5.14.1)
    rake (12.3.3)

PLATFORMS
  ruby

DEPENDENCIES
  getapp_import!
  minitest (~> 5.0)
  rake (~> 12.0)

BUNDLED WITH
   2.1.4
